PATH
  remote: .
  specs:
    middleman (1.0.0)
      compass (~> 0.10.0)
      compass-slickmap (~> 0.4.0)
      haml (~> 3.0)
      json_pure (~> 1.4.0)
      padrino-core (~> 0.9.0)
      padrino-helpers (~> 0.9.0)
      rack (~> 1.0)
      rack-test (~> 0.5.0)
      shotgun (~> 0.8.0)
      sinatra (~> 1.0)
      smusher (~> 0.4.5)
      templater (~> 1.0.0)
      thin (~> 1.2.0)
      tilt (~> 1.1)
      yui-compressor (~> 0.9.0)

GEM
  remote: http://rubygems.org/
  specs:
    activesupport (3.0.0)
    builder (2.1.2)
    compass (0.10.5)
      haml (>= 3.0.4)
    compass-slickmap (0.4.0)
      compass (>= 0.10)
      haml (>= 3.0)
    cucumber (0.9.2)
      builder (~> 2.1.2)
      diff-lcs (~> 1.1.2)
      gherkin (~> 2.2.5)
      json (~> 1.4.6)
      term-ansicolor (~> 1.0.5)
    daemons (1.1.0)
    diff-lcs (1.1.2)
    eventmachine (0.12.10)
    extlib (0.9.15)
    gherkin (2.2.8)
      json (~> 1.4.6)
      term-ansicolor (~> 1.0.5)
    haml (3.0.21)
    highline (1.6.1)
    http_router (0.4.0)
      rack (>= 1.0)
      url_mount (>= 0.2.1)
    httpclient (2.1.5.2)
    i18n (0.4.1)
    json (1.4.6)
    json_pure (1.4.6)
    padrino-core (0.9.18)
      activesupport (>= 3.0.0)
      http_router (~> 0.4.0)
      sinatra (>= 1.0.0)
      thor (>= 0.14.3)
      tzinfo
    padrino-helpers (0.9.18)
      i18n (>= 0.4.1)
      padrino-core (= 0.9.18)
    rack (1.2.1)
    rack-test (0.5.6)
      rack (>= 1.0)
    rake (0.8.7)
    rspec (2.0.0)
      rspec-core (= 2.0.0)
      rspec-expectations (= 2.0.0)
      rspec-mocks (= 2.0.0)
    rspec-core (2.0.0)
    rspec-expectations (2.0.0)
      diff-lcs (>= 1.1.2)
    rspec-mocks (2.0.0)
      rspec-core (= 2.0.0)
      rspec-expectations (= 2.0.0)
    shotgun (0.8)
      rack (>= 1.0)
    sinatra (1.0)
      rack (>= 1.0)
    smusher (0.4.6)
      httpclient
      json
      rake
    templater (1.0.0)
      diff-lcs (>= 1.1.2)
      extlib (>= 0.9.5)
      highline (>= 1.4.0)
    term-ansicolor (1.0.5)
    thin (1.2.7)
      daemons (>= 1.0.9)
      eventmachine (>= 0.12.6)
      rack (>= 1.0.0)
    thor (0.14.3)
    tilt (1.1)
    tzinfo (0.3.23)
    url_mount (0.2.1)
      rack
    yui-compressor (0.9.1)

PLATFORMS
  ruby

DEPENDENCIES
  compass (~> 0.10.0)
  compass-slickmap (~> 0.4.0)
  cucumber (~> 0.9.2)
  haml (~> 3.0)
  json_pure (~> 1.4.0)
  middleman!
  padrino-core (~> 0.9.0)
  padrino-helpers (~> 0.9.0)
  rack (~> 1.0)
  rack-test (~> 0.5.0)
  rspec (~> 2.0.0)
  shotgun (~> 0.8.0)
  sinatra (~> 1.0)
  smusher (~> 0.4.5)
  templater (~> 1.0.0)
  thin (~> 1.2.0)
  tilt (~> 1.1)
  yui-compressor (~> 0.9.0)
